PATH
  remote: .
  specs:
    faker (1.2.0)
      i18n (~> 0.5)

GEM
  remote: http://rubygems.org/
  specs:
    i18n (0.6.5)
    power_assert (1.1.4)
    rake (0.9.2.2)
    test-unit (3.3.3)
      power_assert

PLATFORMS
  ruby

DEPENDENCIES
  faker!
  rake
  test-unit
