PATH
  remote: .
  specs:
    faker (1.2.0)
      i18n (~> 0.5)

GEM
  remote: http://rubygems.org/
  specs:
    concurrent-ruby (1.1.5)
    i18n (0.9.5)
      concurrent-ruby (~> 1.0)
    power_assert (1.1.5)
    rake (13.0.1)
    test-unit (3.3.3)
      power_assert

PLATFORMS
  ruby

DEPENDENCIES
  faker!
  rake
  test-unit

BUNDLED WITH
   2.0.2
